GEM
  remote: https://rubygems.org/
  specs:
    domain_name (0.5.20161129)
      unf (>= 0.0.5, < 1.0.0)
    http-cookie (1.0.3)
      domain_name (~> 0.5)
    metaclass (0.0.4)
    mime-types (3.1)
      mime-types-data (~> 3.2015)
    mime-types-data (3.2016.0521)
    minitest (5.10.1)
    mocha (1.2.1)
      metaclass (~> 0.0.1)
    mysql (2.9.1)
    netrc (0.11.0)
    require_all (1.3.3)
    rest-client (2.0.0)
      http-cookie (>= 1.0.2, < 2.0)
      mime-types (>= 1.16, < 4.0)
      netrc (~> 0.8)
    sequel (4.41.0)
    unf (0.1.4)
      unf_ext
    unf_ext (0.0.7.2)
    xml-simple (1.1.5)

PLATFORMS
  ruby

DEPENDENCIES
  minitest
  mocha
  mysql
  require_all
  rest-client
  sequel
  xml-simple

BUNDLED WITH
   1.12.5
